GIT
  remote: git://github.com/codeclimate/ruby-test-reporter.git
  revision: d9d590651d721c4f80ec8555e7505a6016eac282
  branch: tddium
  specs:
    codeclimate-test-reporter (0.0.5)
      simplecov (>= 0.7.1, < 1.0.0)

GEM
  remote: https://rubygems.org/
  specs:
    diff-lcs (1.2.3)
    multi_json (1.7.9)
    rack (1.5.2)
    rack-protection (1.5.0)
      rack
    rake (10.0.4)
    rspec (2.13.0)
      rspec-core (~> 2.13.0)
      rspec-expectations (~> 2.13.0)
      rspec-mocks (~> 2.13.0)
    rspec-core (2.13.1)
    rspec-expectations (2.13.0)
      diff-lcs (>= 1.1.3, < 2.0)
    rspec-mocks (2.13.1)
    simplecov (0.7.1)
      multi_json (~> 1.0)
      simplecov-html (~> 0.7.1)
    simplecov-html (0.7.1)
    sinatra (1.4.2)
      rack (~> 1.5, >= 1.5.2)
      rack-protection (~> 1.4)
      tilt (~> 1.3, >= 1.3.4)
    tilt (1.3.7)

PLATFORMS
  java
  ruby

DEPENDENCIES
  codeclimate-test-reporter!
  rack
  rake
  rspec
  sinatra
